GIT
  remote: git://github.com/rubymotion/BubbleWrap.git
  revision: 38c475597c6f247c4a2f99e6a278e9e77dfe7d85
  specs:
    bubble-wrap (1.1.5)

GIT
  remote: git://github.com/rubymotion/sugarcube.git
  revision: 432619462a9488b46acf761ec450fb277c627446
  specs:
    sugarcube (0.20.2)

GIT
  remote: git://github.com/yury/ib.git
  revision: 3ad872972d85f3b11e2f73157eda3fd521b60207
  specs:
    ib (0.2.10)
      thor (>= 0.15.4)
      xcodeproj (>= 0.4.1)

GEM
  remote: https://rubygems.org/
  specs:
    activesupport (3.2.13)
      i18n (= 0.6.1)
      multi_json (~> 1.0)
    addressable (2.3.3)
    cocoapods (0.16.4)
      activesupport (~> 3.2.6)
      colored (~> 1.2)
      escape (~> 0.0.4)
      faraday (~> 0.8.1)
      json (~> 1.7.3)
      octokit (~> 1.7)
      open4 (~> 1.3.0)
      rake (~> 10.0.0)
      xcodeproj (~> 0.5.0)
    colored (1.2)
    escape (0.0.4)
    faraday (0.8.7)
      multipart-post (~> 1.1)
    faraday_middleware (0.9.0)
      faraday (>= 0.7.4, < 0.9)
    hashie (2.0.3)
    i18n (0.6.1)
    json (1.7.7)
    motion-cocoapods (1.2.2)
      cocoapods (>= 0.14.0)
    multi_json (1.7.2)
    multipart-post (1.2.0)
    netrc (0.7.7)
    octokit (1.24.0)
      addressable (~> 2.2)
      faraday (~> 0.8)
      faraday_middleware (~> 0.9)
      hashie (~> 2.0)
      multi_json (~> 1.3)
      netrc (~> 0.7.7)
    open4 (1.3.0)
    rake (10.0.4)
    thor (0.18.1)
    xcodeproj (0.5.2)
      activesupport (~> 3.2.6)
      colored (~> 1.2)

PLATFORMS
  ruby

DEPENDENCIES
  bubble-wrap!
  cocoapods
  ib!
  motion-cocoapods
  sugarcube!
